GEM
  remote: http://rubygems.org/
  specs:
    coderay (1.1.0)
    diff-lcs (1.2.4)
    method_source (0.8.2)
    minitest (5.0.8)
    multi_json (1.8.2)
    pry (0.9.12.3)
      coderay (~> 1.0)
      method_source (~> 0.8)
      slop (~> 3.4)
    pry-doc (0.4.6)
      pry (>= 0.9)
      yard (>= 0.8)
    rspec (2.14.1)
      rspec-core (~> 2.14.0)
      rspec-expectations (~> 2.14.0)
      rspec-mocks (~> 2.14.0)
    rspec-core (2.14.6)
    rspec-expectations (2.14.3)
      diff-lcs (>= 1.1.3, < 2.0)
    rspec-mocks (2.14.4)
    simplecov (0.7.1)
      multi_json (~> 1.0)
      simplecov-html (~> 0.7.1)
    simplecov-html (0.7.1)
    slop (3.4.7)
    yard (0.8.7.3)

PLATFORMS
  ruby

DEPENDENCIES
  minitest (~> 5.0.8)
  pry
  pry-doc
  rspec (>= 2.14.1)
  simplecov
